GIT
  remote: https://github.com/allure-framework/allure-ruby.git
  revision: 685252a4f699cb15dd2194561f2031f3dfd0c0f6
  branch: master
  specs:
    allure-rspec (2.26.0)
      allure-ruby-commons (= 2.26.0)
      rspec-core (>= 3.8, < 4)
    allure-ruby-commons (2.26.0)
      mime-types (>= 3.3, < 4)
      require_all (>= 2, < 4)
      rspec-expectations (~> 3.12)

GEM
  remote: https://rubygems.org/
  specs:
    coderay (1.1.3)
    diff-lcs (1.6.0)
    logger (1.6.6)
    method_source (1.1.0)
    mime-types (3.6.1)
      logger
      mime-types-data (~> 3.2015)
    mime-types-data (3.2025.0318)
    pry (0.15.2)
      coderay (~> 1.1)
      method_source (~> 1.0)
    require_all (3.0.0)
    rspec (3.13.0)
      rspec-core (~> 3.13.0)
      rspec-expectations (~> 3.13.0)
      rspec-mocks (~> 3.13.0)
    rspec-core (3.13.3)
      rspec-support (~> 3.13.0)
    rspec-expectations (3.13.3)
      diff-lcs (>= 1.2.0, < 2.0)
      rspec-support (~> 3.13.0)
    rspec-mocks (3.13.0)
      diff-lcs (>= 1.2.0, < 2.0)
      rspec-support (~> 3.13.0)
    rspec-support (3.13.2)

PLATFORMS
  ruby
  x86_64-darwin-20
  x86_64-linux

DEPENDENCIES
  allure-rspec (~> 2.26.0)!
  pry (~> 0.15.2)
  rspec (~> 3.13)

BUNDLED WITH
   2.2.9
