GEM
  remote: https://rubygems.org/
  specs:
    allure-rspec (2.13.2)
      allure-ruby-commons (= 2.13.2)
      rspec-core (~> 3.8)
    allure-ruby-commons (2.13.2)
      json (>= 1.8, < 3)
      mime-types (~> 3.3)
      require_all (>= 2, < 4)
      uuid (~> 2.3)
    diff-lcs (1.3)
    json (2.2.0)
    macaddr (1.7.2)
      systemu (~> 2.6.5)
    mime-types (3.3)
      mime-types-data (~> 3.2015)
    mime-types-data (3.2019.1009)
    rake (13.0.1)
    require_all (3.0.0)
    rspec (3.9.0)
      rspec-core (~> 3.9.0)
      rspec-expectations (~> 3.9.0)
      rspec-mocks (~> 3.9.0)
    rspec-core (3.9.0)
      rspec-support (~> 3.9.0)
    rspec-expectations (3.9.0)
      diff-lcs (>= 1.2.0, < 2.0)
      rspec-support (~> 3.9.0)
    rspec-mocks (3.9.0)
      diff-lcs (>= 1.2.0, < 2.0)
      rspec-support (~> 3.9.0)
    rspec-support (3.9.0)
    systemu (2.6.5)
    uuid (2.3.9)
      macaddr (~> 1.0)

PLATFORMS
  ruby

DEPENDENCIES
  allure-rspec (~> 2.13.2)
  rake (~> 13.0)
  rspec (~> 3.8)

BUNDLED WITH
   2.0.2
