GEM
  remote: https://rubygems.org/
  specs:
    allure-rspec (0.6.9)
      allure-ruby-adaptor-api (= 0.6.6)
      rspec (~> 3.2)
    allure-ruby-adaptor-api (0.6.6)
      mimemagic
      nokogiri (~> 1.6.0)
      uuid
    childprocess (0.5.5)
      ffi (~> 1.0, >= 1.0.11)
    diff-lcs (1.2.5)
    ffi (1.9.6)
    ffi (1.9.6-java)
    macaddr (1.7.1)
      systemu (~> 2.6.2)
    mimemagic (0.2.1)
    mini_portile (0.6.2)
    multi_json (1.10.1)
    nokogiri (1.6.6.2)
      mini_portile (~> 0.6.0)
    nokogiri (1.6.6.2-java)
    parallel (1.3.4)
    parallel_tests (1.0.9)
      parallel
    rspec (3.2.0)
      rspec-core (~> 3.2.0)
      rspec-expectations (~> 3.2.0)
      rspec-mocks (~> 3.2.0)
    rspec-core (3.2.0)
      rspec-support (~> 3.2.0)
    rspec-expectations (3.2.0)
      diff-lcs (>= 1.2.0, < 2.0)
      rspec-support (~> 3.2.0)
    rspec-mocks (3.2.0)
      diff-lcs (>= 1.2.0, < 2.0)
      rspec-support (~> 3.2.0)
    rspec-support (3.2.1)
    rubyzip (1.1.7)
    selenium-webdriver (2.44.0)
      childprocess (~> 0.5)
      multi_json (~> 1.0)
      rubyzip (~> 1.0)
      websocket (~> 1.0)
    systemu (2.6.4)
    uuid (2.3.7)
      macaddr (~> 1.0)
    websocket (1.2.1)

PLATFORMS
  java
  ruby

DEPENDENCIES
  allure-rspec (~> 0.6.9)
  parallel_tests
  selenium-webdriver
