GIT
  remote: https://github.com/allure-framework/allure-ruby.git
  revision: 851017d2e526bcf2d51272424db8b0ac06825b09
  branch: master
  specs:
    allure-rspec (2.21.2)
      allure-ruby-commons (= 2.21.2)
      rspec-core (>= 3.8, < 4)
    allure-ruby-commons (2.21.2)
      mime-types (>= 3.3, < 4)
      require_all (>= 2, < 4)
      rspec-expectations (~> 3.12)
      uuid (>= 2.3, < 3)

GEM
  remote: https://rubygems.org/
  specs:
    coderay (1.1.3)
    diff-lcs (1.5.0)
    macaddr (1.7.2)
      systemu (~> 2.6.5)
    method_source (1.0.0)
    mime-types (3.4.1)
      mime-types-data (~> 3.2015)
    mime-types-data (3.2023.0218.1)
    pry (0.14.2)
      coderay (~> 1.1)
      method_source (~> 1.0)
    require_all (3.0.0)
    rspec (3.12.0)
      rspec-core (~> 3.12.0)
      rspec-expectations (~> 3.12.0)
      rspec-mocks (~> 3.12.0)
    rspec-core (3.12.2)
      rspec-support (~> 3.12.0)
    rspec-expectations (3.12.3)
      diff-lcs (>= 1.2.0, < 2.0)
      rspec-support (~> 3.12.0)
    rspec-mocks (3.12.0)
      diff-lcs (>= 1.2.0, < 2.0)
      rspec-support (~> 3.12.0)
    rspec-support (3.12.0)
    systemu (2.6.5)
    uuid (2.3.9)
      macaddr (~> 1.0)

PLATFORMS
  ruby
  x86_64-darwin-20
  x86_64-linux

DEPENDENCIES
  allure-rspec (~> 2.21.2)!
  pry (~> 0.14.2)
  rspec (~> 3.12)

BUNDLED WITH
   2.2.9
