GEM
  remote: https://rubygems.org/
  specs:
    allure-rspec (2.13.1)
      allure-ruby-commons (= 2.13.1)
      rspec-core (~> 3.8)
    allure-ruby-commons (2.13.1)
      json (>= 1.8, < 3)
      mime-types (~> 3.3)
      require_all (~> 2.0)
      uuid (~> 2.3)
    childprocess (0.5.5)
      ffi (~> 1.0, >= 1.0.11)
    ffi (1.9.6)
    ffi (1.9.6-java)
    json (2.2.0)
    json (2.2.0-java)
    macaddr (1.7.2)
      systemu (~> 2.6.5)
    mime-types (3.3)
      mime-types-data (~> 3.2015)
    mime-types-data (3.2019.1009)
    multi_json (1.10.1)
    parallel (1.3.4)
    parallel_tests (1.0.9)
      parallel
    require_all (2.0.0)
    rspec-core (3.9.0)
      rspec-support (~> 3.9.0)
    rspec-support (3.9.0)
    rubyzip (1.1.7)
    selenium-webdriver (2.44.0)
      childprocess (~> 0.5)
      multi_json (~> 1.0)
      rubyzip (~> 1.0)
      websocket (~> 1.0)
    systemu (2.6.5)
    uuid (2.3.9)
      macaddr (~> 1.0)
    websocket (1.2.1)

PLATFORMS
  java
  ruby

DEPENDENCIES
  allure-rspec (~> 2.13.1)
  parallel_tests
  selenium-webdriver
