GIT
  remote: https://github.com/allure-framework/allure-ruby.git
  revision: 2de92c41f84499c818c134c4618a9f88d1c1a012
  branch: master
  specs:
    allure-rspec (2.25.0)
      allure-ruby-commons (= 2.25.0)
      rspec-core (>= 3.8, < 4)
    allure-ruby-commons (2.25.0)
      mime-types (>= 3.3, < 4)
      require_all (>= 2, < 4)
      rspec-expectations (~> 3.12)

GEM
  remote: https://rubygems.org/
  specs:
    coderay (1.1.3)
    diff-lcs (1.5.1)
    logger (1.6.1)
    method_source (1.0.0)
    mime-types (3.6.0)
      logger
      mime-types-data (~> 3.2015)
    mime-types-data (3.2024.1001)
    pry (0.14.2)
      coderay (~> 1.1)
      method_source (~> 1.0)
    require_all (3.0.0)
    rspec (3.13.0)
      rspec-core (~> 3.13.0)
      rspec-expectations (~> 3.13.0)
      rspec-mocks (~> 3.13.0)
    rspec-core (3.13.1)
      rspec-support (~> 3.13.0)
    rspec-expectations (3.13.3)
      diff-lcs (>= 1.2.0, < 2.0)
      rspec-support (~> 3.13.0)
    rspec-mocks (3.13.0)
      diff-lcs (>= 1.2.0, < 2.0)
      rspec-support (~> 3.13.0)
    rspec-support (3.13.1)

PLATFORMS
  ruby
  x86_64-darwin-20
  x86_64-linux

DEPENDENCIES
  allure-rspec (~> 2.25.0)!
  pry (~> 0.14.2)
  rspec (~> 3.13)

BUNDLED WITH
   2.2.9
