GEM
  remote: https://rubygems.org/
  specs:
    allure-rspec (2.13.6.4)
      allure-ruby-commons (= 2.13.6.4)
      rspec-core (>= 3.8, < 4)
      ruby2_keywords (~> 0.0.2)
    allure-ruby-commons (2.13.6.4)
      mime-types (>= 3.3)
      oj (>= 3.10)
      require_all (>= 2, < 4)
      uuid (>= 2.3)
    diff-lcs (1.4.4)
    macaddr (1.7.2)
      systemu (~> 2.6.5)
    mime-types (3.3.1)
      mime-types-data (~> 3.2015)
    mime-types-data (3.2020.1104)
    oj (3.10.15)
    require_all (3.0.0)
    rspec (3.10.0)
      rspec-core (~> 3.10.0)
      rspec-expectations (~> 3.10.0)
      rspec-mocks (~> 3.10.0)
    rspec-core (3.10.0)
      rspec-support (~> 3.10.0)
    rspec-expectations (3.10.0)
      diff-lcs (>= 1.2.0, < 2.0)
      rspec-support (~> 3.10.0)
    rspec-mocks (3.10.0)
      diff-lcs (>= 1.2.0, < 2.0)
      rspec-support (~> 3.10.0)
    rspec-support (3.10.0)
    ruby2_keywords (0.0.2)
    systemu (2.6.5)
    uuid (2.3.9)
      macaddr (~> 1.0)

PLATFORMS
  ruby

DEPENDENCIES
  allure-rspec (~> 2.13.6)
  rspec (~> 3.10)

BUNDLED WITH
   2.1.4
