GIT
  remote: https://github.com/allure-framework/allure-ruby.git
  revision: 63a539a8f7121a3c05014548863d4bec82f72447
  branch: master
  specs:
    allure-rspec (2.27.0)
      allure-ruby-commons (= 2.27.0)
      rspec-core (>= 3.8, < 4)
    allure-ruby-commons (2.27.0)
      mime-types (>= 3.3, < 4)
      require_all (>= 2, < 4)
      rspec-expectations (~> 3.12)

GEM
  remote: https://rubygems.org/
  specs:
    coderay (1.1.3)
    diff-lcs (1.6.2)
    logger (1.7.0)
    method_source (1.1.0)
    mime-types (3.7.0)
      logger
      mime-types-data (~> 3.2025, >= 3.2025.0507)
    mime-types-data (3.2025.0603)
    pry (0.15.2)
      coderay (~> 1.1)
      method_source (~> 1.0)
    require_all (3.0.0)
    rspec (3.13.1)
      rspec-core (~> 3.13.0)
      rspec-expectations (~> 3.13.0)
      rspec-mocks (~> 3.13.0)
    rspec-core (3.13.4)
      rspec-support (~> 3.13.0)
    rspec-expectations (3.13.5)
      diff-lcs (>= 1.2.0, < 2.0)
      rspec-support (~> 3.13.0)
    rspec-mocks (3.13.5)
      diff-lcs (>= 1.2.0, < 2.0)
      rspec-support (~> 3.13.0)
    rspec-support (3.13.4)

PLATFORMS
  ruby
  x86_64-darwin-20
  x86_64-linux

DEPENDENCIES
  allure-rspec (~> 2.27.0)!
  pry (~> 0.15.2)
  rspec (~> 3.13)

BUNDLED WITH
   2.2.9
